GEM
  remote: https://rubygems.org/
  specs:
    geokit (1.6.5)
      multi_json
    httparty (0.11.0)
      multi_json (~> 1.0)
      multi_xml (>= 0.5.2)
    json (1.8.0)
    multi_json (1.7.7)
    multi_xml (0.5.4)
    serialport (1.1.0)

PLATFORMS
  ruby

DEPENDENCIES
  geokit
  httparty
  json
  serialport
